GEM
  remote: http://rubygems.org/
  specs:
    dalli (2.7.9)

PLATFORMS
  ruby

DEPENDENCIES
  dalli

BUNDLED WITH
   1.17.0
